PATH
  remote: ../api_gems/gems/account_api_core_client
  specs:
    account_api_core_client (1.0.38)
      json (~> 2.1, >= 2.1.0)
      typhoeus (~> 1.0, >= 1.0.1)

PATH
  remote: ../api_gems/gems/authorization_server_client
  specs:
    authorization_server_client (1.0.45)
      typhoeus (~> 1.0, >= 1.0.1)

PATH
  remote: ../api_gems/gems/documaker_api_client
  specs:
    documaker_api_client (1.0.00)
      json (~> 2.1, >= 2.1.0)
      typhoeus (~> 1.0, >= 1.0.1)

PATH
  remote: ../api_gems/gems/documents_api_client
  specs:
    documents_api_client (1.0.12)
      json (~> 2.1, >= 2.1.0)
      typhoeus (~> 1.0, >= 1.0.1)

PATH
  remote: ../api_gems/gems/policy_api_core_client_v2a
  specs:
    policy_api_core_client_v2a (1.0.7)
      typhoeus (~> 1.0, >= 1.0.1)

PATH
  remote: ../api_gems/gems/policy_api_core_client
  specs:
    policy_api_core_client (1.0.39)
      json (~> 2.1, >= 2.1.0)
      typhoeus (~> 1.0, >= 1.0.1)

GEM
  remote: https://rubygems.org/
  specs:
    Ascii85 (1.1.0)
    activesupport (6.1.4)
      concurrent-ruby (~> 1.0, >= 1.0.2)
      i18n (>= 1.6, < 2)
      minitest (>= 5.1)
      tzinfo (~> 2.0)
      zeitwerk (~> 2.3)
    afm (0.2.2)
    allure-cucumber (2.13.4)
      allure-ruby-commons (= 2.13.4)
      cucumber (~> 3.1)
    allure-rspec (2.13.4)
      allure-ruby-commons (= 2.13.4)
      rspec-core (~> 3.8)
      ruby2_keywords (~> 0.0.2)
    allure-ruby-commons (2.13.4)
      json (>= 1.8, < 3)
      mime-types (~> 3.3)
      require_all (>= 2, < 4)
      uuid (~> 2.3)
    archive-zip (0.12.0)
      io-like (~> 0.3.0)
    ast (2.4.2)
    awesome_print (1.9.2)
    backports (3.21.0)
    binding_of_caller (0.8.0)
      debug_inspector (>= 0.0.1)
    builder (3.2.4)
    byebug (11.1.3)
    chauffeur (0.0.7)
      archive-zip (~> 0.10)
      httparty (~> 0.15)
      nokogiri (~> 1.8)
    childprocess (3.0.0)
    chronic (0.10.2)
    chunky_png (1.4.0)
    clipboard (1.3.5)
    coderay (1.1.3)
    compare-xml (0.66)
      nokogiri (~> 1.8)
    concurrent-ruby (1.1.9)
    cpt_hook (0.3.2)
    cucumber (3.1.2)
      builder (>= 2.1.2)
      cucumber-core (~> 3.2.0)
      cucumber-expressions (~> 6.0.1)
      cucumber-wire (~> 0.0.1)
      diff-lcs (~> 1.3)
      gherkin (~> 5.1.0)
      multi_json (>= 1.7.5, < 2.0)
      multi_test (>= 0.1.2)
    cucumber-core (3.2.1)
      backports (>= 3.8.0)
      cucumber-tag_expressions (~> 1.1.0)
      gherkin (~> 5.0)
    cucumber-expressions (6.0.1)
    cucumber-tag_expressions (1.1.1)
    cucumber-wire (0.0.1)
    data_magic (1.2)
      faker (>= 1.1.2)
      yml_reader (>= 0.6)
    debug_inspector (1.1.0)
    diff-lcs (1.4.4)
    diffy (3.4.0)
    edsl (0.4.0)
      cpt_hook (~> 0.3)
      facets (~> 3.1)
      watir (~> 6.14)
    edsl-pageobject (0.5.4)
      edsl
    ethon (0.14.0)
      ffi (>= 1.15.0)
    facets (3.1.0)
    faker (2.18.0)
      i18n (>= 1.6, < 2)
    ffi (1.15.3-x64-mingw32)
    filelock (1.1.1)
    find_a_port (1.0.1)
    gherkin (5.1.0)
    hashery (2.1.2)
    httparty (0.18.1)
      mime-types (~> 3.0)
      multi_xml (>= 0.5.2)
    httparty_with_cookies (0.2.2)
      httparty
    i18n (1.8.10)
      concurrent-ruby (~> 1.0)
    interception (0.5)
    io-like (0.3.1)
    jaro_winkler (1.5.4)
    json (2.5.1)
    macaddr (1.7.2)
      systemu (~> 2.6.5)
    magic_path (0.2.0)
    mail (2.7.1)
      mini_mime (>= 0.1.1)
    method_source (1.0.0)
    mime-types (3.3.1)
      mime-types-data (~> 3.2015)
    mime-types-data (3.2021.0704)
    mini_mime (1.1.0)
    minitest (5.14.4)
    multi_json (1.15.0)
    multi_test (0.1.2)
    multi_xml (0.6.0)
    multipart-post (2.1.1)
    nenv (0.3.0)
    nokogiri (1.11.7-x64-mingw32)
      racc (~> 1.4)
    nokogiri-diff (0.2.0)
      nokogiri (~> 1.5)
      tdiff (~> 0.3, >= 0.3.2)
    optimist (3.0.1)
    pact (1.57.0)
      pact-mock_service (~> 3.0, >= 3.3.1)
      pact-support (~> 1.15)
      rack-test (>= 0.6.3, < 2.0.0)
      rspec (~> 3.0)
      term-ansicolor (~> 1.0)
      thor (>= 0.20, < 2.0)
      webrick (~> 1.3)
    pact-mock_service (3.9.1)
      filelock (~> 1.1)
      find_a_port (~> 1.0.1)
      json
      pact-support (~> 1.16, >= 1.16.4)
      rack (~> 2.0)
      rspec (>= 2.14)
      term-ansicolor (~> 1.0)
      thor (>= 0.19, < 2.0)
      webrick (~> 1.3)
    pact-support (1.16.8)
      awesome_print (~> 1.9)
      diff-lcs (~> 1.4)
      randexp (~> 0.1.7)
      term-ansicolor (~> 1.0)
    page_navigation (0.10)
      data_magic (>= 0.22)
    parallel (1.20.1)
    parallel_tests (3.7.0)
      parallel
    parser (3.0.1.1)
      ast (~> 2.4.1)
    pdf-reader (2.5.0)
      Ascii85 (~> 1.0)
      afm (~> 0.2.1)
      hashery (~> 2.0)
      ruby-rc4
      ttfunk
    pg (1.2.3-x64-mingw32)
    powerpack (0.1.3)
    pry (0.14.1)
      coderay (~> 1.1)
      method_source (~> 1.0)
    pry-byebug (3.8.0)
      byebug (~> 11.0)
      pry (~> 0.10)
    pry-rescue (1.5.2)
      interception (>= 0.5)
      pry (>= 0.12.0)
    pry-stack_explorer (0.4.13)
      binding_of_caller (~> 0.7)
      pry (~> 0.13)
    racc (1.5.2)
    rack (2.2.3)
    rack-test (1.1.0)
      rack (>= 1.0, < 3)
    rainbow (3.0.0)
    rake (13.0.3)
    randexp (0.1.7)
    redcarpet (3.5.1)
    redis (4.3.1)
    regexp_parser (2.1.1)
    require_all (3.0.0)
    rspec (3.10.0)
      rspec-core (~> 3.10.0)
      rspec-expectations (~> 3.10.0)
      rspec-mocks (~> 3.10.0)
    rspec-core (3.10.1)
      rspec-support (~> 3.10.0)
    rspec-expectations (3.10.1)
      diff-lcs (>= 1.2.0, < 2.0)
      rspec-support (~> 3.10.0)
    rspec-mocks (3.10.2)
      diff-lcs (>= 1.2.0, < 2.0)
      rspec-support (~> 3.10.0)
    rspec-support (3.10.2)
    rubocop (0.62.0)
      jaro_winkler (~> 1.5.1)
      parallel (~> 1.10)
      parser (>= 2.5, != 2.5.1.1)
      powerpack (~> 0.1)
      rainbow (>= 2.2.2, < 4.0)
      ruby-progressbar (~> 1.7)
      unicode-display_width (~> 1.4.0)
    ruby-ntlm (0.0.4)
    ruby-prof (1.4.3-x64-mingw32)
    ruby-progressbar (1.11.0)
    ruby-rc4 (0.1.5)
    ruby2_keywords (0.0.4)
    rubyXL (3.4.17)
      nokogiri (>= 1.10.8)
      rubyzip (>= 1.3.0)
    rubyzip (2.3.2)
    saxerator (0.9.9)
    selenium-webdriver (3.142.7)
      childprocess (>= 0.5, < 4.0)
      rubyzip (>= 1.2.2)
    sync (0.5.0)
    systemu (2.6.5)
    tdiff (0.3.4)
    term-ansicolor (1.7.1)
      tins (~> 1.0)
    thor (1.1.0)
    tins (1.29.1)
      sync
    ttfunk (1.7.0)
    typhoeus (1.4.0)
      ethon (>= 0.9.0)
    tzinfo (2.0.4)
      concurrent-ruby (~> 1.0)
    unicode-display_width (1.4.1)
    uuid (2.3.9)
      macaddr (~> 1.0)
    warning (1.2.0)
    watir (6.19.1)
      regexp_parser (>= 1.2, < 3)
      selenium-webdriver (>= 3.142.7)
    webdrivers (4.6.0)
      nokogiri (~> 1.6)
      rubyzip (>= 1.3.0)
      selenium-webdriver (>= 3.0, < 4.0)
    webrick (1.4.2)
    yard (0.9.26)
    yard-cucumber (4.0.0)
      cucumber (>= 2.0, < 4.0)
      gherkin (>= 4.0, < 6.0)
      yard (~> 0.8, >= 0.8.1)
    yml_reader (0.7)
    zeitwerk (2.4.2)

PLATFORMS
  x64-mingw32

DEPENDENCIES
  account_api_core_client!
  activesupport
  allure-cucumber (= 2.13.4)
  allure-rspec
  allure-ruby-commons
  authorization_server_client!
  chauffeur
  chronic
  chunky_png
  clipboard
  compare-xml
  cucumber (~> 3.1.2)
  data_magic
  diffy
  documaker_api_client!
  documents_api_client!
  edsl
  edsl-pageobject
  facets
  httparty
  httparty_with_cookies
  magic_path
  mail
  multipart-post
  nenv
  nokogiri-diff
  optimist
  pact
  page_navigation
  parallel_tests
  pdf-reader
  pg
  policy_api_core_client!
  policy_api_core_client_v2a!
  pry
  pry-byebug
  pry-rescue
  pry-stack_explorer
  rake
  redcarpet
  redis
  rspec
  rubocop (= 0.62.0)
  ruby-ntlm
  ruby-prof
  rubyXL
  rubyzip
  saxerator
  warning
  watir
  webdrivers
  yard
  yard-cucumber

BUNDLED WITH
   2.2.0
